GEM
  remote: https://rubygems.org/
  specs:
    ast (2.0.0)
    astrolabe (1.3.0)
      parser (>= 2.2.0.pre.3, < 3.0)
    json (1.8.2)
    mini_portile (0.6.2)
    minitest (5.5.1)
    nokogiri (1.6.6.2)
      mini_portile (~> 0.6.0)
    nori (2.6.0)
    parser (2.2.0.2)
      ast (>= 1.1, < 3.0)
    powerpack (0.0.9)
    rack (1.6.1)
    rack-protection (1.5.3)
      rack
    rack-test (0.6.3)
      rack (>= 1.0)
    rainbow (2.0.0)
    rubocop (0.28.0)
      astrolabe (~> 1.3)
      parser (>= 2.2.0.pre.7, < 3.0)
      powerpack (~> 0.0.6)
      rainbow (>= 1.99.1, < 3.0)
      ruby-progressbar (~> 1.4)
    ruby-progressbar (1.7.1)
    shotgun (0.9.1)
      rack (>= 1.0)
    sinatra (1.4.6)
      rack (~> 1.4)
      rack-protection (~> 1.4)
      tilt (>= 1.3, < 3)
    tilt (2.0.1)

PLATFORMS
  ruby

DEPENDENCIES
  json
  minitest
  nokogiri
  nori
  rack-test
  rubocop
  shotgun
  sinatra
